PATH
  remote: .
  specs:
    hanlon (0.0.1)
      haml

GEM
  remote: http://rubygems.org/
  specs:
    diff-lcs (1.1.2)
    haml (3.1.2)
    rspec (2.6.0)
      rspec-core (~> 2.6.0)
      rspec-expectations (~> 2.6.0)
      rspec-mocks (~> 2.6.0)
    rspec-core (2.6.4)
    rspec-expectations (2.6.0)
      diff-lcs (~> 1.1.2)
    rspec-mocks (2.6.0)

PLATFORMS
  ruby

DEPENDENCIES
  haml
  hanlon!
  rspec
